GEM
  remote: https://rubygems.org/
  specs:
    httparty (0.21.0)
      mini_mime (>= 1.0.0)
      multi_xml (>= 0.5.2)
    mini_mime (1.1.5)
    minitest (5.20.0)
    multi_xml (0.6.0)
    nokogiri (1.15.4-x86_64-linux)
      racc (~> 1.4)
    parallel (1.23.0)
    racc (1.7.1)

PLATFORMS
  x86_64-linux

DEPENDENCIES
  httparty
  minitest
  nokogiri
  parallel

BUNDLED WITH
   2.3.26
